GEM
  remote: https://rubygems.org/
  specs:
    creek (1.1.2)
      nokogiri (~> 1.6.0)
      rubyzip (>= 1.0.0)
    mini_portile2 (2.1.0)
    nokogiri (1.6.8.1)
      mini_portile2 (~> 2.1.0)
    roo (2.7.1)
      nokogiri (~> 1)
      rubyzip (~> 1.1, < 2.0.0)
    rubyXL (3.3.23)
      nokogiri (>= 1.4.4)
      rubyzip (>= 1.1.6)
    rubyzip (1.2.1)

PLATFORMS
  ruby

DEPENDENCIES
  creek
  roo
  rubyXL

BUNDLED WITH
   1.14.5
